PATH
  remote: /Users/mertonium/Code/pipedriver
  specs:
    pipedriver (0.0.6)
      multi_json (~> 1.1)
      rest-client (~> 1.4)

GEM
  remote: https://rubygems.org/
  specs:
    active_support (3.0.0)
      activesupport (= 3.0.0)
    activesupport (3.0.0)
    backports (3.3.4)
    daemons (1.1.9)
    eventmachine (1.0.3)
    haml (4.0.3)
      tilt
    json (1.8.0)
    mime-types (1.25)
    multi_json (1.8.1)
    rack (1.5.2)
    rack-protection (1.5.0)
      rack
    rack-test (0.6.2)
      rack (>= 1.0)
    rest-client (1.6.7)
      mime-types (>= 1.16)
    sinatra (1.4.3)
      rack (~> 1.4)
      rack-protection (~> 1.4)
      tilt (~> 1.3, >= 1.3.4)
    sinatra-contrib (1.4.1)
      backports (>= 2.0)
      multi_json
      rack-protection
      rack-test
      sinatra (~> 1.4.0)
      tilt (~> 1.3)
    thin (1.6.0)
      daemons (>= 1.0.9)
      eventmachine (>= 1.0.0)
      rack (>= 1.5.0)
    tilt (1.4.1)

PLATFORMS
  ruby

DEPENDENCIES
  active_support
  haml
  json
  pipedriver!
  sinatra
  sinatra-contrib
  thin
